PATH
  remote: .
  specs:
    rattler (0.6.0)

GEM
  remote: https://rubygems.org/
  specs:
    aruba (0.4.11)
      childprocess (>= 0.2.3)
      cucumber (>= 1.1.1)
      ffi (>= 1.0.11)
      rspec (>= 2.7.0)
    builder (3.0.0)
    childprocess (0.3.2)
      ffi (~> 1.0.6)
    coolline (0.4.2)
    cucumber (1.2.0)
      builder (>= 2.1.2)
      diff-lcs (>= 1.1.3)
      gherkin (~> 2.10.0)
      json (>= 1.4.6)
    diff-lcs (1.1.3)
    ffi (1.0.11)
    ffi (1.0.11-java)
    gherkin (2.10.0)
      json (>= 1.4.6)
    gherkin (2.10.0-java)
      json (>= 1.4.6)
    git (1.2.5)
    guard (1.1.1)
      listen (>= 0.4.2)
      thor (>= 0.14.6)
    guard-cucumber (1.1.0)
      cucumber (>= 1.2.0)
      guard (>= 1.1.0)
    guard-rspec (1.0.0)
      guard (>= 1.1)
    jeweler (1.8.3)
      bundler (~> 1.0)
      git (>= 1.2.5)
      rake
      rdoc
    json (1.7.3)
    json (1.7.3-java)
    libnotify (0.8.1)
      ffi (>= 1.0.11)
    listen (0.4.4)
      rb-fchange (~> 0.0.5)
      rb-fsevent (~> 0.9.1)
      rb-inotify (~> 0.8.8)
    rake (0.9.2.2)
    rb-fchange (0.0.5)
      ffi
    rb-fsevent (0.9.1)
    rb-inotify (0.8.8)
      ffi (>= 0.5.0)
    rcov (1.0.0)
    rdoc (3.12)
      json (~> 1.4)
    rspec (2.10.0)
      rspec-core (~> 2.10.0)
      rspec-expectations (~> 2.10.0)
      rspec-mocks (~> 2.10.0)
    rspec-core (2.10.1)
    rspec-expectations (2.10.0)
      diff-lcs (~> 1.1.3)
    rspec-mocks (2.10.1)
    ruby-graphviz (1.0.5)
    thor (0.15.2)
    yard (0.8.2)

PLATFORMS
  java
  ruby

DEPENDENCIES
  aruba
  bundler (~> 1.3)
  coolline
  cucumber (~> 1.2)
  guard-cucumber
  guard-rspec
  jeweler (~> 1.8)
  libnotify
  rake
  rattler!
  rb-fsevent
  rb-inotify
  rb-notifu
  rcov
  rspec (~> 2.10)
  ruby-graphviz (~> 1.0)
  wdm
  win32console
  yard
